GEM
  remote: http://rubygems.org/
  specs:
    POpen4 (0.1.4)
      Platform (>= 0.4.0)
      open4
    Platform (0.4.0)
    open4 (1.0.1)

PLATFORMS
  ruby

DEPENDENCIES
  POpen4 (>= 0.1.4)
